GEM
  remote: http://rubygems.org/
  specs:
    diff-lcs (1.1.3)
    ejs (1.1.1)
    ffi (1.1.0)
    git (1.2.5)
    guard (1.2.3)
      listen (>= 0.4.2)
      thor (>= 0.14.6)
    guard-rspec (1.2.0)
      guard (>= 1.1)
    jeweler (1.8.4)
      bundler (~> 1.0)
      git (>= 1.2.5)
      rake
      rdoc
    jsmin (1.0.1)
    json (1.7.3)
    listen (0.4.7)
      rb-fchange (~> 0.0.5)
      rb-fsevent (~> 0.9.1)
      rb-inotify (~> 0.8.8)
    multi_json (1.0.4)
    nyan-cat-formatter (0.0.7)
    rake (0.9.2.2)
    rb-fchange (0.0.5)
      ffi
    rb-fsevent (0.9.1)
    rb-inotify (0.8.8)
      ffi (>= 0.5.0)
    rdoc (3.12)
      json (~> 1.4)
    rspec (2.8.0)
      rspec-core (~> 2.8.0)
      rspec-expectations (~> 2.8.0)
      rspec-mocks (~> 2.8.0)
    rspec-core (2.8.0)
    rspec-expectations (2.8.0)
      diff-lcs (~> 1.1.2)
    rspec-mocks (2.8.0)
    simplecov (0.5.4)
      multi_json (~> 1.0.3)
      simplecov-html (~> 0.5.3)
    simplecov-html (0.5.3)
    thor (0.15.4)

PLATFORMS
  ruby

DEPENDENCIES
  bundler
  ejs
  guard-rspec
  jeweler (~> 1.8.3)
  jsmin (~> 1.0.1)
  listen
  nyan-cat-formatter
  rb-fsevent
  rspec (~> 2.8.0)
  simplecov (~> 0.5.4)
