GEM
  remote: http://rubygems.org/
  specs:
    ZenTest (4.4.2)
    diff-lcs (1.1.3)
    fssm (0.2.7)
    git (1.2.5)
    jeweler (1.5.2)
      bundler (~> 1.0.0)
      git (>= 1.2.5)
      rake
    jsmin (1.0.1)
    json (1.6.3)
    rake (0.9.2.2)
    rcov (0.9.11)
    rdoc (3.12)
      json (~> 1.4)
    rspec (2.3.0)
      rspec-core (~> 2.3.0)
      rspec-expectations (~> 2.3.0)
      rspec-mocks (~> 2.3.0)
    rspec-core (2.3.1)
    rspec-expectations (2.3.0)
      diff-lcs (~> 1.1.2)
    rspec-mocks (2.3.0)
    shoulda (2.11.3)
    sprockets (1.0.2)

PLATFORMS
  ruby

DEPENDENCIES
  ZenTest (~> 4.4.2)
  bundler (~> 1.0.0)
  fssm
  jeweler (~> 1.5.2)
  jsmin (~> 1.0.1)
  rcov
  rdoc
  rspec (~> 2.3.0)
  shoulda
  sprockets (= 1.0.2)
