GEM
  remote: http://rubygems.org/
  specs:
    ZenTest (4.6.2)
    autotest-growl (0.2.16)
    diff-lcs (1.1.3)
    fssm (0.2.8.1)
    git (1.2.5)
    jeweler (1.8.3)
      bundler (~> 1.0)
      git (>= 1.2.5)
      rake
      rdoc
    jsmin (1.0.1)
    json (1.6.5)
    multi_json (1.0.4)
    rake (0.9.2.2)
    rdoc (3.12)
      json (~> 1.4)
    rspec (2.8.0)
      rspec-core (~> 2.8.0)
      rspec-expectations (~> 2.8.0)
      rspec-mocks (~> 2.8.0)
    rspec-core (2.8.0)
    rspec-expectations (2.8.0)
      diff-lcs (~> 1.1.2)
    rspec-mocks (2.8.0)
    simplecov (0.5.4)
      multi_json (~> 1.0.3)
      simplecov-html (~> 0.5.3)
    simplecov-html (0.5.3)

PLATFORMS
  ruby

DEPENDENCIES
  ZenTest (~> 4.6.2)
  autotest-growl (~> 0.2.16)
  bundler (~> 1.0.0)
  fssm (~> 0.2.8.1)
  jeweler (~> 1.8.3)
  jsmin (~> 1.0.1)
  rspec (~> 2.8.0)
  simplecov (~> 0.5.4)
